FRAMEWORK: >= NET45
NUGET
  remote: https://www.nuget.org/api/v2
  specs:
    FAKE (4.23.4)
    FSharp.Core (4.0.0.1)
    MongoDB.Bson (2.2.3)
    MongoDB.Driver (2.2.3)
      MongoDB.Bson (>= 2.2.3)
      MongoDB.Driver.Core (>= 2.2.3)
    MongoDB.Driver.Core (2.2.3)
      MongoDB.Bson (>= 2.2.3)
    MongoDB.FSharp (0.1)
    Newtonsoft.Json (8.0.3)
    Suave (1.0)
      FSharp.Core (>= 3.1.2.5)
